PATH
  remote: .
  specs:
    sc2refinery (0.0.1)
      bindata
      mpq

GEM
  remote: http://rubygems.org/
  specs:
    bindata (1.3.1)
    bzip2-ruby (0.2.7)
    diff-lcs (1.1.2)
    mpq (0.1.0)
      bindata (>= 1.3.1)
      bindata (~> 1.3.1)
      bzip2-ruby (~> 0.2.7)
    rspec (2.6.0)
      rspec-core (~> 2.6.0)
      rspec-expectations (~> 2.6.0)
      rspec-mocks (~> 2.6.0)
    rspec-core (2.6.0)
    rspec-expectations (2.6.0)
      diff-lcs (~> 1.1.2)
    rspec-mocks (2.6.0)

PLATFORMS
  ruby

DEPENDENCIES
  rspec
  sc2refinery!
